GEM
  remote: http://rubygems.org/
  specs:
    mime-types (1.21)
    mysql (2.9.1)
    rack (1.5.2)
    rack-protection (1.5.0)
      rack
    rest-client (1.6.7)
      mime-types (>= 1.16)
    sinatra (1.4.2)
      rack (~> 1.5, >= 1.5.2)
      rack-protection (~> 1.4)
      tilt (~> 1.3, >= 1.3.4)
    slim (2.0.0.pre.6)
      temple (~> 0.6.2)
      tilt (~> 1.3.3)
    temple (0.6.2)
    tilt (1.3.6)
    xml-simple (1.1.2)

PLATFORMS
  ruby

DEPENDENCIES
  mysql
  rest-client
  sinatra
  slim
  xml-simple
